GEM
  remote: https://rubygems.org/
  specs:
    git-version-bump (0.15.1)
    puma (3.6.0)
    rack (1.6.4)
    rack-contrib (1.4.0)
      git-version-bump (~> 0.15)
      rack (~> 1.4)

PLATFORMS
  ruby

DEPENDENCIES
  puma
  rack-contrib

RUBY VERSION
   ruby 2.2.3p173

BUNDLED WITH
   1.12.5
