GEM
  remote: https://rubygems.org/
  specs:
    git-version-bump (0.15.1)
    kramdown (1.11.1)
    puma (3.6.0)
    rack (1.6.4)
    rack-contrib (1.4.0)
      git-version-bump (~> 0.15)
      rack (~> 1.4)
    rouge (1.11.1)

PLATFORMS
  ruby

DEPENDENCIES
  kramdown
  puma
  rack-contrib
  rouge

RUBY VERSION
   ruby 2.2.3p173

BUNDLED WITH
   1.12.5
